NUGET
  remote: https://www.nuget.org/api/v2
  specs:
    log4net (2.0.5)
    Nancy (1.4.3)
    Nancy.Hosting.Self (1.4.1)
      Nancy (>= 1.4.1)
    Newtonsoft.Json (8.0.2)
    TinyIoC (1.3)
    Topshelf (3.3.1)
